GEM
  remote: http://rubygems.org/
  remote: http://rubygems.org/
  specs:
    ffi (1.4.0)
    ffi-aspell (0.0.3)
      ffi (>= 1.0.11)

PLATFORMS
  ruby

DEPENDENCIES
  ffi-aspell
